GIT
  remote: https://github.com/silentgrowl/smackr.git
  revision: a73b48bbb4c150e4ea1b463fbf28b3e1fb538f8d
  specs:
    smackr (0.0.6)

GIT
  remote: https://github.com/silentgrowl/xmpp4r.git
  revision: d51f71e8226d829908e9c9335c32ab675753ee59
  specs:
    xmpp4r (0.5)
      nokogiri
      rdoc (> 2.4.2)

GEM
  remote: https://www.rubygems.org/
  specs:
    activesupport (3.2.13)
      i18n (= 0.6.1)
      multi_json (~> 1.0)
    barometer (0.7.3)
      httparty (>= 0.4.5)
      nokogiri
      tzinfo (>= 0.3.14)
    chronic_duration (0.10.2)
      numerizer (~> 0.1.1)
    classifier (1.3.1)
      stemmer (>= 1.0.0)
    coderay (1.0.8)
    daemons (1.1.9)
    diff-lcs (1.1.3)
    domain_name (0.5.7)
      unf (~> 0.0.3)
    eventmachine (1.0.0)
    eventmachine (1.0.0-java)
    faraday (0.8.5)
      multipart-post (~> 1.1)
    faraday_middleware (0.9.0)
      faraday (>= 0.7.4, < 0.9)
    gdbm (1.2)
    gsl4r (0.0.3)
    hashie (1.2.0)
    hipchat (0.7.0)
      httparty
      httparty
    http_parser.rb (0.5.3)
    http_parser.rb (0.5.3-java)
    httparty (0.11.0)
      multi_json (~> 1.0)
      multi_xml (>= 0.5.2)
    i18n (0.6.1)
    interception (0.3)
    json (1.7.6)
    json (1.7.6-java)
    libv8 (3.11.8.17)
    mechanize (2.5.1)
      domain_name (~> 0.5, >= 0.5.1)
      mime-types (~> 1.17, >= 1.17.2)
      net-http-digest_auth (~> 1.1, >= 1.1.1)
      net-http-persistent (~> 2.5, >= 2.5.2)
      nokogiri (~> 1.4)
      ntlm-http (~> 0.1, >= 0.1.1)
      webrobots (~> 0.0, >= 0.0.9)
    method_source (0.8.1)
    mime-types (1.20.1)
    multi_json (1.5.0)
    multi_xml (0.5.4)
    multipart-post (1.1.5)
    net-http-digest_auth (1.2.1)
    net-http-persistent (2.8)
    nokogiri (1.5.6)
    nokogiri (1.5.6-java)
    ntlm-http (0.1.1)
    numerizer (0.1.1)
    pry (0.9.11.4)
      coderay (~> 1.0.5)
      method_source (~> 0.8)
      slop (~> 3.4)
    pry (0.9.11.4-java)
      coderay (~> 1.0.5)
      method_source (~> 0.8)
      slop (~> 3.4)
      spoon (~> 0.0)
    pry-rescue (1.1.1)
      interception (>= 0.3)
      pry
    rdoc (4.1.1)
      json (~> 1.4)
    ref (1.0.5)
    require_all (1.2.1)
    rspec (2.12.0)
      rspec-core (~> 2.12.0)
      rspec-expectations (~> 2.12.0)
      rspec-mocks (~> 2.12.0)
    rspec-core (2.12.2)
    rspec-expectations (2.12.1)
      diff-lcs (~> 1.1.3)
    rspec-mocks (2.12.2)
    ruby-hackernews (1.3.3)
      mechanize (>= 1.0.0)
      require_all (>= 1.1.0)
    simple_oauth (0.1.9)
    slop (3.4.3)
    spoon (0.0.1)
    stemmer (1.0.1)
    therubyracer (0.11.4)
      libv8 (~> 3.11.8.12)
      ref
    therubyrhino (2.0.2)
      therubyrhino_jar (>= 1.7.3)
    therubyrhino_jar (1.7.4)
    timecop (0.5.9.1)
    tinder (1.9.2)
      eventmachine (~> 1.0)
      faraday (~> 0.8)
      faraday_middleware (~> 0.9)
      hashie (~> 1.0)
      json (~> 1.7.5)
      mime-types (~> 1.19)
      multi_json (~> 1.5)
      twitter-stream (~> 0.1)
    twitter-stream (0.1.16)
      eventmachine (>= 0.12.8)
      http_parser.rb (~> 0.5.1)
      simple_oauth (~> 0.1.4)
    twss (0.0.5)
      classifier (= 1.3.1)
    tzinfo (0.3.35)
    unf (0.0.5)
      unf_ext
    unf (0.0.5-java)
    unf_ext (0.0.5)
    webrobots (0.0.13)
    whois (2.7.0)
    yahoofinance (1.2.2)

PLATFORMS
  java
  ruby

DEPENDENCIES
  activesupport
  barometer (= 0.7.3)
  chronic_duration
  daemons
  eventmachine
  gdbm
  gsl4r
  hipchat
  httparty (>= 0.8.0)
  nokogiri
  pry
  pry-rescue
  rspec
  ruby-hackernews
  smackr (= 0.0.6)!
  therubyracer
  therubyrhino
  timecop
  tinder
  twss
  tzinfo
  whois
  xmpp4r!
  yahoofinance
